GEM
  remote: http://rubygems.org/
  specs:
    abstract (1.0.0)
    actionmailer (3.0.4.rc1)
      actionpack (= 3.0.4.rc1)
      mail (~> 2.2.15)
    actionpack (3.0.4.rc1)
      activemodel (= 3.0.4.rc1)
      activesupport (= 3.0.4.rc1)
      builder (~> 2.1.2)
      erubis (~> 2.6.6)
      i18n (~> 0.4)
      rack (~> 1.2.1)
      rack-mount (~> 0.6.13)
      rack-test (~> 0.5.7)
      tzinfo (~> 0.3.23)
    activemodel (3.0.4.rc1)
      activesupport (= 3.0.4.rc1)
      builder (~> 2.1.2)
      i18n (~> 0.4)
    activerecord (3.0.4.rc1)
      activemodel (= 3.0.4.rc1)
      activesupport (= 3.0.4.rc1)
      arel (~> 2.0.2)
      tzinfo (~> 0.3.23)
    activeresource (3.0.4.rc1)
      activemodel (= 3.0.4.rc1)
      activesupport (= 3.0.4.rc1)
    activesupport (3.0.4.rc1)
    archive-tar-minitar (0.5.2)
    arel (2.0.8)
    bcrypt-ruby (2.1.4)
    builder (2.1.2)
    ckeditor (3.6.2)
      mime-types (~> 1.16)
      orm_adapter (~> 0.0.5)
    cocaine (0.2.0)
    columnize (0.3.6)
    devise (1.1.7)
      bcrypt-ruby (~> 2.1.2)
      warden (~> 1.0.2)
    diff-lcs (1.1.3)
    erubis (2.6.6)
      abstract (>= 1.0.0)
    i18n (0.5.0)
    jquery-rails (0.2.7)
      rails (~> 3.0)
      thor (~> 0.14.4)
    linecache19 (0.5.12)
      ruby_core_source (>= 0.1.4)
    mail (2.2.15)
      activesupport (>= 2.3.6)
      i18n (>= 0.4.0)
      mime-types (~> 1.16)
      treetop (~> 1.4.8)
    meta_search (1.0.6)
      actionpack (~> 3.0.2)
      activerecord (~> 3.0.2)
      activesupport (~> 3.0.2)
      arel (~> 2.0.2)
    meta_where (1.0.4)
      activerecord (~> 3.0.0)
      activesupport (~> 3.0.0)
      arel (~> 2.0.7)
    mime-types (1.16)
    multi_json (1.2.0)
    orm_adapter (0.0.5)
    paperclip (2.4.2)
      activerecord (>= 2.3.0)
      activesupport (>= 2.3.2)
      cocaine (>= 0.0.2)
      mime-types
    pg (0.12.2)
    polyglot (0.3.1)
    rack (1.2.1)
    rack-mount (0.6.13)
      rack (>= 1.0.0)
    rack-test (0.5.7)
      rack (>= 1.0)
    rails (3.0.4.rc1)
      actionmailer (= 3.0.4.rc1)
      actionpack (= 3.0.4.rc1)
      activerecord (= 3.0.4.rc1)
      activeresource (= 3.0.4.rc1)
      activesupport (= 3.0.4.rc1)
      bundler (~> 1.0)
      railties (= 3.0.4.rc1)
    rails3-jquery-autocomplete (0.6.2)
      rails (~> 3.0.0)
    railties (3.0.4.rc1)
      actionpack (= 3.0.4.rc1)
      activesupport (= 3.0.4.rc1)
      rake (>= 0.8.7)
      thor (~> 0.14.4)
    rake (0.8.7)
    rspec (2.9.0)
      rspec-core (~> 2.9.0)
      rspec-expectations (~> 2.9.0)
      rspec-mocks (~> 2.9.0)
    rspec-core (2.9.0)
    rspec-expectations (2.9.0)
      diff-lcs (~> 1.1.3)
    rspec-mocks (2.9.0)
    rspec-rails (2.9.0)
      actionpack (>= 3.0)
      activesupport (>= 3.0)
      railties (>= 3.0)
      rspec (~> 2.9.0)
    ruby-debug-base19 (0.11.25)
      columnize (>= 0.3.1)
      linecache19 (>= 0.5.11)
      ruby_core_source (>= 0.1.4)
    ruby-debug19 (0.11.6)
      columnize (>= 0.3.1)
      linecache19 (>= 0.5.11)
      ruby-debug-base19 (>= 0.11.19)
    ruby_core_source (0.1.5)
      archive-tar-minitar (>= 0.5.2)
    simplecov (0.6.1)
      multi_json (~> 1.0)
      simplecov-html (~> 0.5.3)
    simplecov-html (0.5.3)
    sqlite3 (1.3.3)
    thor (0.14.6)
    treetop (1.4.9)
      polyglot (>= 0.3.1)
    tzinfo (0.3.24)
    warden (1.0.3)
      rack (>= 1.0.0)
    will_paginate (3.0.pre2)

PLATFORMS
  ruby

DEPENDENCIES
  ckeditor
  devise
  i18n
  jquery-rails
  meta_search
  meta_where
  paperclip
  pg
  rails (= 3.0.4.rc1)
  rails3-jquery-autocomplete
  rspec-rails
  ruby-debug19
  simplecov
  sqlite3
  will_paginate (= 3.0.pre2)
